GEM
  remote: https://rubygems.org/
  specs:
    diff-lcs (1.4.4)
    domain_name (0.5.20190701)
      unf (>= 0.0.5, < 1.0.0)
    dotenv (2.7.6)
    http-accept (1.7.0)
    http-cookie (1.0.3)
      domain_name (~> 0.5)
    json (2.3.1)
    mime-types (2.99.3)
    netrc (0.11.0)
    rest-client (2.1.0)
      http-accept (>= 1.7.0, < 2.0)
      http-cookie (>= 1.0.2, < 2.0)
      mime-types (>= 1.16, < 4.0)
      netrc (~> 0.8)
    rspec (3.9.0)
      rspec-core (~> 3.9.0)
      rspec-expectations (~> 3.9.0)
      rspec-mocks (~> 3.9.0)
    rspec-core (3.9.3)
      rspec-support (~> 3.9.3)
    rspec-expectations (3.9.2)
      diff-lcs (>= 1.2.0, < 2.0)
      rspec-support (~> 3.9.0)
    rspec-mocks (3.9.1)
      diff-lcs (>= 1.2.0, < 2.0)
      rspec-support (~> 3.9.0)
    rspec-support (3.9.3)
    unf (0.1.4)
      unf_ext
    unf_ext (0.0.7.7)

PLATFORMS
  ruby

DEPENDENCIES
  dotenv (~> 2.7, >= 2.7.6)
  json (~> 2.3, >= 2.3.1)
  rest-client (~> 2.1)
  rspec (~> 3.0)

BUNDLED WITH
   1.17.2
